GEM
  remote: https://rubygems.org/
  specs:
    easy_audio (0.1.0)
      ffi-portaudio (~> 0.0)
    ffi (1.15.5)
    ffi-portaudio (0.1.3)
      ffi

PLATFORMS
  arm64-darwin-21

DEPENDENCIES
  easy_audio

RUBY VERSION
   ruby 3.1.2p20

BUNDLED WITH
   2.3.24
