GEM
  remote: https://rubygems.org/
  specs:
    activesupport (7.0.4.3)
      concurrent-ruby (~> 1.0, >= 1.0.2)
      i18n (>= 1.6, < 2)
      minitest (>= 5.1)
      tzinfo (~> 2.0)
    concurrent-ruby (1.2.2)
    easy_audio (0.1.0)
      ffi-portaudio (~> 0.0)
    ffi (1.15.5)
    ffi-portaudio (0.1.3)
      ffi
    i18n (1.12.0)
      concurrent-ruby (~> 1.0)
    minitest (5.18.0)
    tzinfo (2.0.6)
      concurrent-ruby (~> 1.0)

PLATFORMS
  arm64-darwin-21

DEPENDENCIES
  activesupport
  easy_audio

RUBY VERSION
   ruby 3.1.2p20

BUNDLED WITH
   2.3.24
